{
  "EMGReference": "n/a",
  "SamplingFrequency": 256,
  "PowerLineFrequency": "n/a",
  "SoftwareFilters": "n/a",

  "EMGChannelCount": 1,
  "EMGMontage": "n/a",
  "EMGPlacementScheme": "Single channel with electrodes on the left deltoid muscle",
  "HardwareFilters": "n/a",
  "RecordingType": "discontinuous",
  "RecordingDuration": 52320.00,

  "TaskName": "szMonitoring",
  "TaskDescription": "Subjects were monitored with a Video-EEG and the SensorDot (Byteflies)",
  "InstitutionName": "Multi-center European Epileptic Monitoring Units"
  }
  